GEM
  remote: http://rubygems.org/
  specs:
    builder (3.0.0)
    cucumber (1.1.4)
      builder (>= 2.1.2)
      diff-lcs (>= 1.1.2)
      gherkin (~> 2.7.1)
      json (>= 1.4.6)
      term-ansicolor (>= 1.0.6)
    diff-lcs (1.1.3)
    gherkin (2.7.6)
      json (>= 1.4.6)
    git (1.2.5)
    jeweler (1.8.3)
      bundler (~> 1.0)
      git (>= 1.2.5)
      rake
      rdoc
    json (1.6.5)
    rake (0.9.2.2)
    rdoc (3.12)
      json (~> 1.4)
    reek (1.2.8)
      ruby2ruby (~> 1.2)
      ruby_parser (~> 2.0)
      sexp_processor (~> 3.0)
    roodi (2.1.0)
      ruby_parser
    rspec (2.8.0)
      rspec-core (~> 2.8.0)
      rspec-expectations (~> 2.8.0)
      rspec-mocks (~> 2.8.0)
    rspec-core (2.8.0)
    rspec-expectations (2.8.0)
      diff-lcs (~> 1.1.2)
    rspec-mocks (2.8.0)
    ruby2ruby (1.3.1)
      ruby_parser (~> 2.0)
      sexp_processor (~> 3.0)
    ruby_parser (2.3.1)
      sexp_processor (~> 3.0)
    sexp_processor (3.0.10)
    term-ansicolor (1.0.7)
    yard (0.7.4)

PLATFORMS
  ruby

DEPENDENCIES
  bundler (~> 1.0.0)
  cucumber
  jeweler (~> 1.8.3)
  json (>= 1.6.5)
  rdoc (~> 3.12)
  reek (~> 1.2.8)
  roodi (~> 2.1.0)
  rspec (~> 2.8.0)
  term-ansicolor (>= 1.0.6)
  yard (~> 0.7)
